GEM
  remote: https://rubygems.org/
  specs:
    bacon (1.2.0)
    daemons (1.1.8)
    eventmachine (1.0.0.rc.4-x86-mingw32)
    rack (1.5.2)
    rack-protection (1.5.3)
      rack
    sequel (4.13.0)
    sinatra (1.4.5)
      rack (~> 1.4)
      rack-protection (~> 1.4)
      tilt (~> 1.3, >= 1.3.4)
    sinatra-sequel (0.9.0)
      bacon
      sequel (>= 3.2.0)
      sinatra (>= 0.9.4)
    sqlite3 (1.3.6-x86-mingw32)
    thin (1.4.1)
      daemons (>= 1.0.9)
      eventmachine (>= 0.12.6)
      rack (>= 1.0.0)
    tilt (1.4.1)

PLATFORMS
  x86-mingw32

DEPENDENCIES
  sequel
  sinatra
  sinatra-sequel
  sqlite3
  thin
