GEM
  remote: https://rubygems.org/
  specs:
    crass (0.2.1)
    daemons (1.1.9)
    eventmachine (1.0.3-x86-mingw32)
    ffi (1.9.3-x86-mingw32)
    hike (1.2.3)
    mail (2.6.1)
      mime-types (>= 1.16, < 3)
    maildir (2.1.0)
    mime-types (2.3)
    mini_portile (0.6.0)
    multi_json (1.10.1)
    netrc (0.7.7)
    nokogiri (1.6.3.1-x86-mingw32)
      mini_portile (= 0.6.0)
    nokogumbo (1.1.9)
      nokogiri
    rack (1.5.2)
    rack-protection (1.5.3)
      rack
    rest-client (1.7.2-x86-mingw32)
      ffi (~> 1.9)
      mime-types (>= 1.16, < 3.0)
      netrc (~> 0.7)
    sanitize (3.0.0)
      crass (~> 0.2.0)
      nokogiri (>= 1.4.4)
      nokogumbo (= 1.1.9)
    sequel (4.13.0)
    sinatra (1.4.5)
      rack (~> 1.4)
      rack-protection (~> 1.4)
      tilt (~> 1.3, >= 1.3.4)
    sinatra-sequel (0.9.0)
      sequel (>= 3.2.0)
      sinatra (>= 0.9.4)
    slim (2.0.3)
      temple (~> 0.6.6)
      tilt (>= 1.3.3, < 2.1)
    sprockets (2.12.1)
      hike (~> 1.2)
      multi_json (~> 1.0)
      rack (~> 1.0)
      tilt (~> 1.1, != 1.3.0)
    sqlite3 (1.3.9-x86-mingw32)
    temple (0.6.8)
    thin (1.6.2)
      daemons (>= 1.0.9)
      eventmachine (>= 1.0.0)
      rack (>= 1.0.0)
    tilt (1.4.1)

PLATFORMS
  x86-mingw32

DEPENDENCIES
  mail
  maildir
  rest-client
  sanitize
  sequel
  sinatra
  sinatra-sequel
  slim
  sprockets
  sqlite3
  thin
